GEM
  remote: http://rubygems.org/
  specs:
    Ascii85 (1.0.2)
    activesupport (4.1.5)
      i18n (~> 0.6, >= 0.6.9)
      json (~> 1.7, >= 1.7.7)
      minitest (~> 5.1)
      thread_safe (~> 0.1)
      tzinfo (~> 1.1)
    addressable (2.3.6)
    afm (0.2.2)
    appium_lib (4.1.0)
      awesome_print (~> 1.2, >= 1.2.0)
      json (~> 1.8, >= 1.8.1)
      nokogiri (~> 1.6.1)
      selenium-webdriver (~> 2.41, >= 2.41.0)
      toml (~> 0.0, >= 0.0.4)
    awesome_print (1.2.0)
    blankslate (2.1.2.4)
    builder (3.2.2)
    childprocess (0.5.3)
      ffi (~> 1.0, >= 1.0.11)
    chromedriver-helper (0.0.5)
      nokogiri
    cucumber (1.3.15)
      builder (>= 2.1.2)
      diff-lcs (>= 1.1.3)
      gherkin (~> 2.12)
      multi_json (>= 1.7.5, < 2.0)
      multi_test (>= 0.1.1)
    data_magic (0.19)
      faker (>= 1.1.2)
      yml_reader (>= 0.3)
    dbi (0.4.5)
      deprecated (= 2.0.1)
    debase (0.0.3)
    deprecated (2.0.1)
    diff-lcs (1.2.5)
    docile (1.1.5)
    faker (1.4.2)
      i18n (~> 0.5)
    ffi (1.9.3-x86-mingw32)
    gherkin (2.12.2-x86-mingw32)
      multi_json (~> 1.3)
    hashery (2.1.1)
    httparty (0.13.1)
      json (~> 1.8)
      multi_xml (>= 0.5.2)
    i18n (0.6.11)
    json (1.8.1)
    json_pure (1.8.1)
    launchy (2.4.2)
      addressable (~> 2.3)
    mini_portile (0.6.0)
    minitest (5.4.0)
    multi_json (1.10.1)
    multi_test (0.1.1)
    multi_xml (0.5.5)
    nokogiri (1.6.3.1-x86-mingw32)
      mini_portile (= 0.6.0)
    page-object (1.0.2)
      page_navigation (>= 0.9)
      selenium-webdriver (>= 2.42.0)
      watir-webdriver (>= 0.6.9)
    page_navigation (0.9)
      data_magic (>= 0.14)
    parslet (1.5.0)
      blankslate (~> 2.0)
    pdf-reader (1.3.3)
      Ascii85 (~> 1.0.0)
      afm (~> 0.2.0)
      hashery (~> 2.0)
      ruby-rc4
      ttfunk
    rake (0.9.6)
    require_all (1.3.2)
    ruby-debug-ide (0.4.17.beta17)
      rake (>= 0.8.1)
    ruby-ole (1.2.11.7)
    ruby-rc4 (0.1.5)
    rubyzip (1.1.6)
    selenium-webdriver (2.43.0)
      childprocess (~> 0.5)
      multi_json (~> 1.0)
      rubyzip (~> 1.0)
      websocket (~> 1.0)
    simplecov (0.9.2)
      docile (~> 1.1.0)
      multi_json (~> 1.0)
      simplecov-html (~> 0.9.0)
    simplecov-html (0.9.0)
    simplecov-json (0.2)
      json
      simplecov
    simplecov-rcov (0.2.3)
      simplecov (>= 0.4.1)
    spreadsheet (0.9.7)
      ruby-ole (>= 1.0)
    thread_safe (0.3.4)
    time_difference (0.3.2)
      activesupport
    toml (0.1.1)
      parslet (~> 1.5.0)
    ttfunk (1.4.0)
    tzinfo (1.2.1)
      thread_safe (~> 0.1)
    watir-webdriver (0.6.10)
      selenium-webdriver (>= 2.18.0)
    websocket (1.0.7)
    win32-clipboard (0.6.3)
      ffi
    yml_reader (0.3)

PLATFORMS
  x86-mingw32

DEPENDENCIES
  appium_lib
  bundler
  chromedriver-helper (= 0.0.5)
  cucumber (= 1.3.15)
  data_magic (= 0.19)
  dbi
  debase (= 0.0.3)
  httparty (= 0.13.1)
  json_pure (= 1.8.1)
  launchy (= 2.4.2)
  nokogiri (= 1.6.3.1)
  page-object (= 1.0.2)
  pdf-reader
  require_all (= 1.3.2)
  ruby-debug-ide (= 0.4.17.beta17)
  selenium-webdriver (>= 2.43.0)
  simplecov
  simplecov-json
  simplecov-rcov
  spreadsheet (= 0.9.7)
  time_difference (= 0.3.2)
  watir-webdriver (= 0.6.10)
  win32-clipboard (= 0.6.3)
